PATH
  remote: .
  specs:
    mantle (2.4.0)
      redis
      sidekiq (~> 5.0)

GEM
  remote: https://rubygems.org/
  specs:
    coderay (1.1.0)
    connection_pool (2.2.3)
    diff-lcs (1.2.5)
    method_source (0.8.2)
    pry (0.10.0)
      coderay (~> 1.1.0)
      method_source (~> 0.8.1)
      slop (~> 3.4)
    rack (2.2.3)
    rack-protection (2.0.8.1)
      rack
    redis (4.1.3)
    rspec (3.2.0)
      rspec-core (~> 3.2.0)
      rspec-expectations (~> 3.2.0)
      rspec-mocks (~> 3.2.0)
    rspec-core (3.2.2)
      rspec-support (~> 3.2.0)
    rspec-expectations (3.2.0)
      diff-lcs (>= 1.2.0, < 2.0)
      rspec-support (~> 3.2.0)
    rspec-mocks (3.2.0)
      diff-lcs (>= 1.2.0, < 2.0)
      rspec-support (~> 3.2.0)
    rspec-support (3.2.2)
    sidekiq (5.2.9)
      connection_pool (~> 2.2, >= 2.2.2)
      rack (~> 2.0)
      rack-protection (>= 1.5.0)
      redis (>= 3.3.5, < 4.2)
    slop (3.5.0)

PLATFORMS
  ruby

DEPENDENCIES
  mantle!
  pry
  rspec

BUNDLED WITH
   2.1.4
