PATH
  remote: .
  specs:
    mantle (2.3.1)
      redis
      sidekiq (< 8.0)

GEM
  remote: https://rubygems.org/
  specs:
    coderay (1.1.0)
    concurrent-ruby (1.2.2)
    connection_pool (2.4.0)
    diff-lcs (1.5.0)
    method_source (0.8.2)
    pry (0.10.0)
      coderay (~> 1.1.0)
      method_source (~> 0.8.1)
      slop (~> 3.4)
    rack (3.0.7)
    redis (5.0.6)
      redis-client (>= 0.9.0)
    redis-client (0.14.1)
      connection_pool
    rspec (3.12.0)
      rspec-core (~> 3.12.0)
      rspec-expectations (~> 3.12.0)
      rspec-mocks (~> 3.12.0)
    rspec-core (3.12.0)
      rspec-support (~> 3.12.0)
    rspec-expectations (3.12.2)
      diff-lcs (>= 1.2.0, < 2.0)
      rspec-support (~> 3.12.0)
    rspec-mocks (3.12.3)
      diff-lcs (>= 1.2.0, < 2.0)
      rspec-support (~> 3.12.0)
    rspec-support (3.12.0)
    rspec_junit_formatter (0.5.1)
      rspec-core (>= 2, < 4, != 2.12.0)
    sidekiq (7.0.9)
      concurrent-ruby (< 2)
      connection_pool (>= 2.3.0)
      rack (>= 2.2.4)
      redis-client (>= 0.11.0)
    slop (3.5.0)

PLATFORMS
  ruby

DEPENDENCIES
  mantle!
  pry
  rspec
  rspec_junit_formatter

BUNDLED WITH
   2.4.5
