PATH
  remote: .
  specs:
    mantle (2.2.3)
      redis
      sidekiq

GEM
  remote: https://rubygems.org/
  specs:
    coderay (1.1.0)
    concurrent-ruby (1.0.1)
    connection_pool (2.2.0)
    diff-lcs (1.2.5)
    method_source (0.8.2)
    pry (0.10.0)
      coderay (~> 1.1.0)
      method_source (~> 0.8.1)
      slop (~> 3.4)
    redis (3.2.2)
    rspec (3.2.0)
      rspec-core (~> 3.2.0)
      rspec-expectations (~> 3.2.0)
      rspec-mocks (~> 3.2.0)
    rspec-core (3.2.2)
      rspec-support (~> 3.2.0)
    rspec-expectations (3.2.0)
      diff-lcs (>= 1.2.0, < 2.0)
      rspec-support (~> 3.2.0)
    rspec-mocks (3.2.0)
      diff-lcs (>= 1.2.0, < 2.0)
      rspec-support (~> 3.2.0)
    rspec-support (3.2.2)
    sidekiq (4.1.1)
      concurrent-ruby (~> 1.0)
      connection_pool (~> 2.2, >= 2.2.0)
      redis (~> 3.2, >= 3.2.1)
    slop (3.5.0)

PLATFORMS
  ruby

DEPENDENCIES
  mantle!
  pry
  rspec

BUNDLED WITH
   1.11.2
